GEM
  remote: https://rubygems.org/
  specs:
    mina (0.3.8)
      open4 (~> 1.3.4)
      rake
    open4 (1.3.4)
    rake (11.2.2)

PLATFORMS
  ruby

DEPENDENCIES
  mina

BUNDLED WITH
   1.12.4
